GEM
  remote: https://rubygems.org/
  specs:
    diff-lcs (1.4.2)
    faraday (1.0.1)
      multipart-post (>= 1.2, < 3)
    jwt (2.2.1)
    mini_portile (0.6.2)
    multipart-post (2.1.1)
    nokogiri (1.6.6.4)
      mini_portile (~> 0.6.0)
    nokogiri (1.6.6.4-x64-mingw32)
      mini_portile (~> 0.6.0)
    rspec (3.9.0)
      rspec-core (~> 3.9.0)
      rspec-expectations (~> 3.9.0)
      rspec-mocks (~> 3.9.0)
    rspec-core (3.9.2)
      rspec-support (~> 3.9.3)
    rspec-expectations (3.9.2)
      diff-lcs (>= 1.2.0, < 2.0)
      rspec-support (~> 3.9.0)
    rspec-mocks (3.9.1)
      diff-lcs (>= 1.2.0, < 2.0)
      rspec-support (~> 3.9.0)
    rspec-support (3.9.3)
    twilio-ruby (5.38.0)
      faraday (>= 0.9, < 2.0)
      jwt (>= 1.5, <= 2.5)
      nokogiri (>= 1.6, < 2.0)

PLATFORMS
  ruby
  x64-mingw32

DEPENDENCIES
  rspec
  twilio-ruby

BUNDLED WITH
   1.17.2
